GEM
  remote: https://rubygems.org/
  specs:
    addressable (2.3.8)
    backports (3.11.3)
    byebug (10.0.2)
    diff-lcs (1.3)
    fdic (0.9.1)
      httparty (~> 0.13)
      json-schema (~> 2.5.0)
    httparty (0.16.2)
      multi_xml (>= 0.5.2)
    json-schema (2.5.2)
      addressable (~> 2.3.8)
    mail (2.7.0)
      mini_mime (>= 0.1.1)
    mini_mime (1.0.0)
    mini_portile2 (2.3.0)
    multi_json (1.13.1)
    multi_xml (0.6.0)
    mustermann (1.0.2)
    ncua (0.10.4)
      httparty (~> 0.16)
      nokogiri (~> 1.8)
    nokogiri (1.8.2)
      mini_portile2 (~> 2.3.0)
    pony (1.12)
      mail (>= 2.0)
    rack (2.0.5)
    rack-protection (2.0.1)
      rack
    rack-test (1.0.0)
      rack (>= 1.0, < 3)
    rake (12.3.1)
    redis (3.3.5)
    rspec (3.7.0)
      rspec-core (~> 3.7.0)
      rspec-expectations (~> 3.7.0)
      rspec-mocks (~> 3.7.0)
    rspec-core (3.7.1)
      rspec-support (~> 3.7.0)
    rspec-expectations (3.7.0)
      diff-lcs (>= 1.2.0, < 2.0)
      rspec-support (~> 3.7.0)
    rspec-mocks (3.7.0)
      diff-lcs (>= 1.2.0, < 2.0)
      rspec-support (~> 3.7.0)
    rspec-support (3.7.1)
    sinatra (2.0.1)
      mustermann (~> 1.0)
      rack (~> 2.0)
      rack-protection (= 2.0.1)
      tilt (~> 2.0)
    sinatra-contrib (2.0.1)
      backports (>= 2.0)
      multi_json
      mustermann (~> 1.0)
      rack-protection (= 2.0.1)
      sinatra (= 2.0.1)
      tilt (>= 1.3, < 3)
    tilt (2.0.8)

PLATFORMS
  ruby

DEPENDENCIES
  byebug
  fdic
  ncua
  pony (~> 1.0)
  rack-test
  rake
  redis (~> 3.2)
  rspec
  sinatra
  sinatra-contrib

BUNDLED WITH
   1.16.1
