GEM
  remote: https://rubygems.org/
  specs:
    addressable (2.3.8)
    backports (3.6.7)
    fdic (0.9.0)
      httparty (~> 0.13)
      json-schema (~> 2.5.0)
    httparty (0.13.7)
      json (~> 1.8)
      multi_xml (>= 0.5.2)
    json (1.8.3)
    json-schema (2.5.1)
      addressable (~> 2.3.7)
    mini_portile (0.6.2)
    multi_json (1.11.2)
    multi_xml (0.5.5)
    ncua (0.10.0)
      httparty (~> 0.13)
      nokogiri (~> 1.6, >= 1.6.0)
    nokogiri (1.6.6.3)
      mini_portile (~> 0.6.0)
    rack (1.6.4)
    rack-protection (1.5.3)
      rack
    rack-test (0.6.3)
      rack (>= 1.0)
    rake (10.4.2)
    redis (3.2.2)
    sinatra (1.4.6)
      rack (~> 1.4)
      rack-protection (~> 1.4)
      tilt (>= 1.3, < 3)
    sinatra-contrib (1.4.6)
      backports (>= 2.0)
      multi_json
      rack-protection
      rack-test
      sinatra (~> 1.4.0)
      tilt (>= 1.3, < 3)
    tilt (2.0.1)

PLATFORMS
  ruby

DEPENDENCIES
  fdic
  ncua
  rake
  redis (~> 3.2)
  sinatra
  sinatra-contrib

BUNDLED WITH
   1.10.6
